GIT
  remote: git://github.com/galetahub/simple-captcha.git
  revision: 2602bf19a63df25929960b5a7721a9d265281ec1
  specs:
    simple_captcha (0.1.6)

GEM
  remote: http://rubygems.org/
  specs:
    Ascii85 (1.0.3)
    actionmailer (3.2.9)
      actionpack (= 3.2.9)
      mail (~> 2.4.4)
    actionpack (3.2.9)
      activemodel (= 3.2.9)
      activesupport (= 3.2.9)
      builder (~> 3.0.0)
      erubis (~> 2.7.0)
      journey (~> 1.0.4)
      rack (~> 1.4.0)
      rack-cache (~> 1.2)
      rack-test (~> 0.6.1)
      sprockets (~> 2.2.1)
    activemodel (3.2.9)
      activesupport (= 3.2.9)
      builder (~> 3.0.0)
    activerecord (3.2.9)
      activemodel (= 3.2.9)
      activesupport (= 3.2.9)
      arel (~> 3.0.2)
      tzinfo (~> 0.3.29)
    activeresource (3.2.9)
      activemodel (= 3.2.9)
      activesupport (= 3.2.9)
    activesupport (3.2.9)
      i18n (~> 0.6)
      multi_json (~> 1.0)
    acts-as-taggable-on (2.2.2)
      rails (~> 3.0)
    acts_as_list (0.9.7)
      activerecord (>= 3.0)
    afm (0.2.2)
    airbrake (3.1.5)
      builder
      girl_friday
    akami (1.3.1)
      gyoku (>= 0.4.0)
      nokogiri
    arel (3.0.3)
    aws-sdk (1.3.9)
      httparty (~> 0.7)
      json (~> 1.4)
      nokogiri (>= 1.4.4)
      uuidtools (~> 2.1)
    bcrypt-ruby (3.0.1)
    bootstrap-will_paginate (0.0.9)
      will_paginate
    builder (3.0.4)
    chunky_png (1.3.11)
    climate_control (0.2.0)
    cocaine (0.5.8)
      climate_control (>= 0.0.3, < 1.0)
    coffee-rails (3.2.2)
      coffee-script (>= 2.2.0)
      railties (~> 3.2.0)
    coffee-script (2.4.1)
      coffee-script-source
      execjs
    coffee-script-source (1.12.2)
    combine_pdf (1.0.16)
      ruby-rc4 (>= 0.1.5)
    concurrent-ruby (1.0.5)
    connection_pool (1.2.0)
    daemons (1.1.9)
    delayed_job (4.1.3)
      activesupport (>= 3.0, < 5.2)
    delayed_job_active_record (4.1.1)
      activerecord (>= 3.0, < 5.1)
      delayed_job (>= 3.0, < 5)
    erubis (2.7.0)
    eventmachine (1.2.5)
    excon (0.80.1)
    execjs (2.7.0)
    faker (1.5.0)
      i18n (~> 0.5)
    girl_friday (0.11.2)
      connection_pool (~> 1.0)
      rubinius-actor
    gyoku (1.3.1)
      builder (>= 2.1.2)
    haml (3.1.4)
    hashery (2.1.2)
    hike (1.2.3)
    hirb (0.7.3)
    httparty (0.10.2)
      multi_json (~> 1.0)
      multi_xml (>= 0.5.2)
    httpi (2.4.2)
      rack
      socksify
    i18n (0.9.1)
      concurrent-ruby (~> 1.0)
    journey (1.0.4)
    jquery-rails (2.0.1)
      railties (>= 3.2.0, < 5.0)
      thor (~> 0.14)
    json (1.8.0)
    magnific-popup-rails (1.1.0)
    mail (2.4.4)
      i18n (>= 0.4.0)
      mime-types (~> 1.16)
      treetop (~> 1.4.8)
    mime-types (1.25.1)
    multi_json (1.12.2)
    multi_xml (0.6.0)
    nifty-generators (0.4.6)
    nokogiri (1.5.5)
    nori (2.6.0)
    paper_trail (2.7.1)
      activerecord (~> 3.0)
      railties (~> 3.0)
    paperclip (3.4.1)
      activemodel (>= 3.0.0)
      activerecord (>= 3.0.0)
      activesupport (>= 3.0.0)
      cocaine (~> 0.5.0)
      mime-types
    pdf-core (0.4.0)
    pdf-reader (2.2.0)
      Ascii85 (~> 1.0.0)
      afm (~> 0.2.1)
      hashery (~> 2.0)
      ruby-rc4
      ttfunk
    pg (0.11.0)
    polyglot (0.3.5)
    populator (1.0.0)
    prawn (1.3.0)
      pdf-core (~> 0.4.0)
      ttfunk (~> 1.4.0)
    prawn-qrcode (0.2.2.1)
      prawn (>= 0.11.1)
      rqrcode (>= 0.4.1)
    prawn-table (0.2.1)
    rack (1.4.7)
    rack-cache (1.7.1)
      rack (>= 0.4)
    rack-ssl (1.3.4)
      rack
    rack-test (0.6.3)
      rack (>= 1.0)
    rails (3.2.9)
      actionmailer (= 3.2.9)
      actionpack (= 3.2.9)
      activerecord (= 3.2.9)
      activeresource (= 3.2.9)
      activesupport (= 3.2.9)
      bundler (~> 1.0)
      railties (= 3.2.9)
    railties (3.2.9)
      actionpack (= 3.2.9)
      activesupport (= 3.2.9)
      rack-ssl (~> 1.3.2)
      rake (>= 0.8.7)
      rdoc (~> 3.4)
      thor (>= 0.14.6, < 2.0)
    rake (12.2.1)
    rdoc (3.12.2)
      json (~> 1.4)
    rmagick (2.16.0)
    rqrcode (0.10.1)
      chunky_png (~> 1.0)
    rubinius-actor (0.0.2)
      rubinius-core-api
    rubinius-core-api (0.0.1)
    ruby-rc4 (0.1.5)
    sass (3.2.9)
    sass-rails (3.2.6)
      railties (~> 3.2.0)
      sass (>= 3.1.10)
      tilt (~> 1.3)
    savon (2.11.1)
      akami (~> 1.2)
      builder (>= 2.1.2)
      gyoku (~> 1.2)
      httpi (~> 2.3)
      nokogiri (>= 1.4.0)
      nori (~> 2.4)
      wasabi (~> 3.4)
    similar_strings (0.0.1)
    socksify (1.7.1)
    sprockets (2.2.3)
      hike (~> 1.2)
      multi_json (~> 1.0)
      rack (~> 1.0)
      tilt (~> 1.1, != 1.3.0)
    svg-graph (2.1.3)
    thin (1.7.2)
      daemons (~> 1.0, >= 1.0.9)
      eventmachine (~> 1.0, >= 1.0.4)
      rack (>= 1, < 3)
    thor (0.20.0)
    tilt (1.4.1)
    tinymce-rails (4.5.2)
      railties (>= 3.1.1)
    treetop (1.4.15)
      polyglot
      polyglot (>= 0.3.1)
    ttfunk (1.4.0)
    tzinfo (0.3.53)
    uglifier (3.2.0)
      execjs (>= 0.3.0, < 3)
    uuidtools (2.1.5)
    wasabi (3.5.0)
      httpi (~> 2.0)
      nokogiri (>= 1.4.2)
    will_paginate (3.1.6)

PLATFORMS
  ruby

DEPENDENCIES
  acts-as-taggable-on (= 2.2.2)
  acts_as_list (= 0.9.7)
  airbrake (= 3.1.5)
  aws-sdk (= 1.3.9)
  bcrypt-ruby (= 3.0.1)
  bootstrap-will_paginate (= 0.0.9)
  coffee-rails (~> 3.2.1)
  combine_pdf (= 1.0.16)
  daemons (= 1.1.9)
  delayed_job_active_record (= 4.1.1)
  excon (= 0.80.1)
  faker (= 1.5.0)
  haml (= 3.1.4)
  hirb
  httparty (= 0.10.2)
  jquery-rails (= 2.0.1)
  json (= 1.8.0)
  magnific-popup-rails (= 1.1.0)
  nifty-generators (= 0.4.6)
  nokogiri (= 1.5.5)
  paper_trail (= 2.7.1)
  paperclip (= 3.4.1)
  pdf-reader (= 2.2.0)
  pg (= 0.11.0)
  populator
  prawn (= 1.3.0)
  prawn-qrcode (= 0.2.2.1)
  prawn-table (= 0.2.1)
  rails (= 3.2.9)
  rmagick (= 2.16)
  sass (= 3.2.9)
  sass-rails (~> 3.2.3)
  savon (= 2.11.1)
  similar_strings (= 0.0.1)
  simple_captcha!
  svg-graph (= 2.1.3)
  thin
  tinymce-rails (= 4.5.2)
  uglifier (>= 1.0.3)

BUNDLED WITH
   1.16.6
